GEM
  remote: http://rubygems.org/
  specs:
    clockwork (0.4.1)
      tzinfo
    foreman (0.61.0)
      thor (>= 0.13.6)
    mime-types (1.19)
    rest-client (1.6.7)
      mime-types (>= 1.16)
    thor (0.16.0)
    tzinfo (0.3.35)

PLATFORMS
  ruby

DEPENDENCIES
  clockwork
  foreman
  rest-client
