GEM
  remote: http://rubygems.org/
  specs:
    clockwork (0.4.1)
      tzinfo
    mime-types (1.19)
    rest-client (1.6.7)
      mime-types (>= 1.16)
    tzinfo (0.3.35)

PLATFORMS
  ruby

DEPENDENCIES
  clockwork
  rest-client
